GEM
  remote: https://rubygems.org/
  specs:
    activesupport (6.0.2.2)
      concurrent-ruby (~> 1.0, >= 1.0.2)
      i18n (>= 0.7, < 2)
      minitest (~> 5.1)
      tzinfo (~> 1.1)
      zeitwerk (~> 2.2)
    ast (2.4.0)
    binding.repl (3.0.0)
    brakeman (4.8.0)
    cd (1.0.1)
    clipboard (1.1.2)
    code (0.9.2)
      coderay (~> 1.1)
      method_source (~> 0.9)
    code_analyzer (0.5.1)
      sexp_processor
    coderay (1.1.2)
    concurrent-ruby (1.1.6)
    debugging (1.1.1)
      binding.repl (~> 3.0)
      paint (>= 0.9, < 3.0)
    erubis (2.7.0)
    every_day_irb (2.0.0)
      cd (~> 1.0)
    fancy_irb (1.1.0)
      paint (>= 0.9, < 3.0)
      unicode-display_width (~> 1.1)
    ffi (1.9.25)
    hirb (0.7.3)
    i18n (1.8.2)
      concurrent-ruby (~> 1.0)
    instance (0.2.0)
    interactive_editor (0.0.11)
      spoon (>= 0.0.1)
    irbtools (2.2.1)
      binding.repl (~> 3.0)
      clipboard (~> 1.1)
      code (~> 0.9)
      coderay (~> 1.1)
      debugging (~> 1.1)
      every_day_irb (~> 2.0)
      fancy_irb (~> 1.1)
      hirb (~> 0.7, >= 0.7.3)
      instance (~> 0.2)
      interactive_editor (~> 0.0, >= 0.0.10)
      method_locator (~> 0.0, >= 0.0.4)
      methodfinder (~> 2.0)
      ori (~> 0.1.0)
      os
      paint (>= 0.9, < 3.0)
      ruby_engine (~> 1.0)
      ruby_info (~> 1.0)
      ruby_version (~> 1.0)
      wirb (~> 2.0)
    jaro_winkler (1.5.4)
    json (2.3.0)
    kwalify (0.7.2)
    method_locator (0.0.4)
    method_source (0.9.0)
    methodfinder (2.2.1)
    minitest (5.14.0)
    ori (0.1.0)
    os (1.0.0)
    paint (2.0.1)
    parallel (1.19.1)
    parser (2.7.0.5)
      ast (~> 2.4.0)
    psych (3.1.0)
    rails_best_practices (1.20.0)
      activesupport
      code_analyzer (>= 0.5.1)
      erubis
      i18n
      json
      require_all (~> 3.0)
      ruby-progressbar
    rainbow (3.0.0)
    reek (6.0.0)
      kwalify (~> 0.7.0)
      parser (>= 2.5.0.0, < 2.8, != 2.5.1.1)
      psych (~> 3.1.0)
      rainbow (>= 2.0, < 4.0)
    require_all (3.0.0)
    rexml (3.2.4)
    rubocop (0.80.1)
      jaro_winkler (~> 1.5.1)
      parallel (~> 1.10)
      parser (>= 2.7.0.1)
      rainbow (>= 2.2.2, < 4.0)
      rexml
      ruby-progressbar (~> 1.7)
      unicode-display_width (>= 1.4.0, < 1.7)
    rubocop-performance (1.5.2)
      rubocop (>= 0.71.0)
    ruby-progressbar (1.10.1)
    ruby_engine (1.0.1)
    ruby_info (1.0.1)
    ruby_version (1.0.1)
    rufo (0.12.0)
    sexp_processor (4.14.1)
    spoon (0.0.6)
      ffi
    standard (0.2.3)
      rubocop (~> 0.80.1)
      rubocop-performance (~> 1.5.2)
    standardrb (1.0.0)
      standard
    thread_safe (0.3.6)
    tzinfo (1.2.6)
      thread_safe (~> 0.1)
    unicode-display_width (1.4.0)
    wirb (2.1.2)
      paint (>= 0.9, < 3.0)
    zeitwerk (2.3.0)

PLATFORMS
  ruby

DEPENDENCIES
  brakeman
  irbtools
  rails_best_practices
  reek
  rubocop
  rufo
  standardrb
